{
  "AcquisitionMatrixPE": 64,
  "AcquisitionNumber": 1,
  "AcquisitionTime": "13:13:41.090000",
  "BandwidthPerPixelPhaseEncode": 19.531,
  "BaseResolution": 64,
  "CoilString": "C:HEA;HEP",
  "ConversionSoftware": "dcm2niix",
  "ConversionSoftwareVersion": "v1.0.20190902",
  "DerivedVendorReportedEchoSpacing": 0.00080001,
  "DeviceSerialNumber": "26099",
  "DwellTime": 5.3e-06,
  "EchoTime": 0.0548,
  "EffectiveEchoSpacing": 0.00080001,
  "FlipAngle": 75,
  "ImageComments": "Unaliased_MB4_PE3_LB_SENSE1",
  "ImageOrientationPatientDICOM": [0.999881, 0.00195884, 0.0152885, 2.09783e-08, 0.991892, -0.127088],
  "ImageType": [
    "ORIGINAL",
    "PRIMARY",
    "M",
    "MB",
    "ND",
    "MOSAIC"
],
  "ImagingFrequency": 63.6805,
  "InPlanePhaseEncodingDirectionDICOM": "COL",
  "InstitutionAddress": "Bedford_Way_26_London_London_GB_WC1H_0AP",
  "InstitutionName": "University_College",
  "InstitutionalDepartmentName": "Department",
  "MRAcquisitionType": "2D",
  "MagneticFieldStrength": 1.5,
  "Manufacturer": "Siemens",
  "ManufacturersModelName": "Avanto",
  "Modality": "MR",
  "MultibandAccelerationFactor": 4,
  "PartialFourier": 1,
  "PatientPosition": "HFS",
  "PercentPhaseFOV": 100,
  "PhaseEncodingDirection": "j-",
  "PhaseEncodingSteps": 64,
  "PhaseResolution": 1,
  "PixelBandwidth": 1474,
  "ProcedureStepDescription": "ucl_bbk_Jeremy",
  "ProtocolName": "EcL4-3.2m-40-1474-1s-55e",
  "PulseSequenceDetails": "%CustomerSeq%_cmrr_mbep2d_bold",
  "ReceiveCoilName": "32Ch_Head",
  "ReconMatrixPE": 64,
  "RepetitionTime": 1,
  "SAR": 0.0408814,
  "ScanOptions": "FS",
  "ScanningSequence": "EP",
  "SequenceName": "epfid2d1_64",
  "SequenceVariant": "SK_SS",
  "SeriesDescription": "EcL4-3.2m-40-1474-1s-55e",
  "SeriesNumber": 4,
  "ShimSetting": [113, -32, 365, 831, 115, 1102, -476, 23],
  "SliceThickness": 3.2,
  "SliceTiming": [0, 0.7025, 0.4025, 0.1, 0.8025, 0.5025, 0.2, 0.9025, 0.6025, 0.3, 0, 0.7025, 0.4025, 0.1, 0.8025, 0.5025, 0.2, 0.9025, 0.6025, 0.3, 0, 0.7025, 0.4025, 0.1, 0.8025, 0.5025, 0.2, 0.9025, 0.6025, 0.3, 0, 0.7025, 0.4025, 0.1, 0.8025, 0.5025, 0.2, 0.9025, 0.6025, 0.3],
  "SoftwareVersions": "syngo_MR_B17",
  "SpacingBetweenSlices": 3.2,
  "StationName": "MRC26099",
  "TaskName": "500daysofsummer",
  "TotalReadoutTime": 0.0504006,
  "TxRefAmp": 214.761,
  "dcmmeta_affine": [
    [-3.202744483947754, 6.719620415651661e-08, 0.04932312294840813, 101.5189437866211],
    [-0.006274418439716101, 3.177152395248413, -0.4066324234008789, -91.73599243164062],
    [0.04897097125649452, 0.4070778787136078, 3.173675775527954, -52.129234313964844],
    [0.0, 0.0, 0.0, 1.0]
],
  "dcmmeta_reorient_transform": [
    [0.0, -1.0, 0.0, 63.0],
    [1.0, 0.0, 0.0, 0.0],
    [0.0, 0.0, 1.0, 0.0],
    [0.0, 0.0, 0.0, 1.0]
],
  "dcmmeta_shape": [64, 64, 40, 185],
  "dcmmeta_slice_dim": 2,
  "dcmmeta_version": 0.6,
  "global": {
    "const": {
      "AcquisitionMatrix": [64, 0, 0, 64],
      "AngioFlag": "N",
      "BitsAllocated": 16,
      "BitsStored": 12,
      "Columns": 448,
      "EchoNumbers": 1,
      "EchoTime": 54.8,
      "EchoTrainLength": 1,
      "FlipAngle": 75.0,
      "HighBit": 11,
      "ImageOrientationPatient": [0.99988120532799, 0.00195884285164, 0.01528849785079, 2.09783274e-08, 0.9918914801918, -0.1270877315987],
      "ImagePositionPatient": [-716.44590595673, -719.64255940513, 42.273201190717],
      "ImageType": [
        "ORIGINAL",
        "PRIMARY",
        "M",
        "MB",
        "ND",
        "MOSAIC"
],
      "ImagedNucleus": "1H",
      "ImagingFrequency": 63.680497,
      "InPlanePhaseEncodingDirection": "COL",
      "MRAcquisitionType": "2D",
      "MagneticFieldStrength": 1.5,
      "Manufacturer": "SIEMENS",
      "ManufacturerModelName": "Avanto",
      "Modality": "MR",
      "NumberOfAverages": 1.0,
      "NumberOfPhaseEncodingSteps": 64,
      "PercentPhaseFieldOfView": 100.0,
      "PercentSampling": 100.0,
      "PerformedProcedureStepStartTime": "125659.062000",
      "PhotometricInterpretation": "MONOCHROME2",
      "PixelBandwidth": 1474.0,
      "PixelRepresentation": 0,
      "PixelSpacing": [3.203125, 3.203125],
      "ProtocolName": "EcL4-3.2m-40-1474-1s-55e",
      "RepetitionTime": 1000.0,
      "Rows": 448,
      "SAR": 0.04088143378988,
      "SamplesPerPixel": 1,
      "ScanOptions": "FS",
      "ScanningSequence": "EP",
      "SequenceName": "epfid2d1_64",
      "SequenceVariant": [
        "SK",
        "SS"
],
      "SeriesDescription": "EcL4-3.2m-40-1474-1s-55e",
      "SeriesNumber": 4,
      "SeriesTime": "131418.203000",
      "SliceLocation": -38.478507455401,
      "SliceThickness": 3.2000000476837,
      "SmallestImagePixelValue": 0,
      "SoftwareVersions": "syngo MR B17",
      "SpacingBetweenSlices": 3.2000000554134,
      "SpecificCharacterSet": "ISO_IR 100",
      "StudyID": "1",
      "StudyTime": "125659.015000",
      "TransmitCoilName": "Body",
      "VariableFlipAngleFlag": "N",
      "WindowCenterWidthExplanation": "Algo1",
      "dBdt": 0.0},
